PATH
  remote: .
  specs:
    apphealth (0.1)
      colored

GEM
  remote: https://rubygems.org/
  specs:
    colored (1.2)
    columnize (0.3.6)
    debugger (1.6.2)
      columnize (>= 0.3.1)
      debugger-linecache (~> 1.2.0)
      debugger-ruby_core_source (~> 1.2.3)
    debugger-linecache (1.2.0)
    debugger-ruby_core_source (1.2.3)
    diff-lcs (1.2.4)
    fakefs (0.4.3)
    fakeweb (1.3.0)
    rake (10.1.0)
    rspec (2.14.1)
      rspec-core (~> 2.14.0)
      rspec-expectations (~> 2.14.0)
      rspec-mocks (~> 2.14.0)
    rspec-core (2.14.7)
    rspec-expectations (2.14.3)
      diff-lcs (>= 1.1.3, < 2.0)
    rspec-mocks (2.14.4)

PLATFORMS
  ruby

DEPENDENCIES
  apphealth!
  bundler (~> 1.3)
  debugger
  fakefs
  fakeweb (~> 1.3)
  rake
  rspec (~> 2.6)
